PATH
  remote: .
  specs:
    ahnnotate (0.5.1)
      activerecord (>= 4.0.0)
      parser

GEM
  remote: https://rubygems.org/
  specs:
    activemodel (6.0.0)
      activesupport (= 6.0.0)
    activerecord (6.0.0)
      activemodel (= 6.0.0)
      activesupport (= 6.0.0)
    activesupport (6.0.0)
      concurrent-ruby (~> 1.0, >= 1.0.2)
      i18n (>= 0.7, < 2)
      minitest (~> 5.1)
      tzinfo (~> 1.1)
      zeitwerk (~> 2.1, >= 2.1.8)
    appraisal (2.2.0)
      bundler
      rake
      thor (>= 0.14.0)
    ast (2.4.0)
    coderay (1.1.2)
    concurrent-ruby (1.1.5)
    dotenv (2.7.1)
    i18n (1.6.0)
      concurrent-ruby (~> 1.0)
    method_source (0.9.2)
    minitest (5.11.3)
    parser (2.6.5.0)
      ast (~> 2.4.0)
    pg (1.1.4)
    pry (0.12.2)
      coderay (~> 1.1.0)
      method_source (~> 0.9.0)
    rake (10.5.0)
    sqlite3 (1.4.1)
    thor (0.20.3)
    thread_safe (0.3.6)
    tzinfo (1.2.5)
      thread_safe (~> 0.1)
    zeitwerk (2.1.10)

PLATFORMS
  ruby

DEPENDENCIES
  ahnnotate!
  appraisal
  bundler (~> 1.17)
  dotenv
  minitest (~> 5.0)
  pg
  pry
  rake (~> 10.0)
  sqlite3

BUNDLED WITH
   1.17.3
